GEM
  remote: https://rubygems.org/
  specs:
    addressable (2.5.0)
      public_suffix (~> 2.0, >= 2.0.2)
    clamp (1.1.1)
    equatable (0.5.0)
    excon (0.49.0)
    hash_validator (0.7.0)
    kommando (0.0.19)
    kontena-cli (0.16.2)
      clamp (~> 1.1.0)
      excon (~> 0.49.0)
      hash_validator (~> 0.7.0)
      launchy (~> 2.4.3)
      retriable (~> 2.1.0)
      ruby_dig (~> 0.0.2)
      tty-prompt (~> 0.7.1)
    launchy (2.4.3)
      addressable (~> 2.3)
    necromancer (0.3.0)
    pastel (0.6.1)
      equatable (~> 0.5.0)
      tty-color (~> 0.3.0)
    public_suffix (2.0.3)
    retriable (2.1.0)
    ruby_dig (0.0.2)
    tty-color (0.3.0)
    tty-cursor (0.3.0)
    tty-prompt (0.7.1)
      necromancer (~> 0.3.0)
      pastel (~> 0.6.0)
      tty-cursor (~> 0.3.0)
      wisper (~> 1.6.1)
    wisper (1.6.1)

PLATFORMS
  ruby

DEPENDENCIES
  kommando
  kontena-cli (= 0.16.2)

BUNDLED WITH
   1.13.6
