GEM
  remote: https://rubygems.org/
  specs:
    kommando (0.0.19)

PLATFORMS
  ruby

DEPENDENCIES
  kommando

BUNDLED WITH
   1.12.5
